GEM
  remote: https://rubygems.org/
  specs:
    concurrent-ruby (1.0.5)
    connection_pool (2.2.2)
    mustermann (1.0.2)
    rack (2.1.4)
    rack-protection (2.0.2)
      rack
    redis (4.0.1)
    sidekiq (5.1.3)
      concurrent-ruby (~> 1.0)
      connection_pool (~> 2.2, >= 2.2.0)
      rack-protection (>= 1.5.0)
      redis (>= 3.3.5, < 5)
    sinatra (2.0.2)
      mustermann (~> 1.0)
      rack (~> 2.0)
      rack-protection (= 2.0.2)
      tilt (~> 2.0)
    tilt (2.0.8)

PLATFORMS
  ruby

DEPENDENCIES
  rack
  sidekiq
  sinatra

BUNDLED WITH
   1.16.2
